PATH
  remote: .
  specs:
    bigdecimal-math_r (0.2.0)

GEM
  remote: https://rubygems.org/
  specs:
    bigdecimal (3.1.8)
    date (3.4.1)
    io-console (0.8.0)
    irb (1.14.3)
      rdoc (>= 4.0.0)
      reline (>= 0.4.2)
    minitest (5.25.4)
    psych (5.2.2)
      date
      stringio
    rake (13.2.1)
    rake-compiler (1.3.0)
      rake
    rdoc (6.10.0)
      psych (>= 4.0.0)
    reline (0.6.0)
      io-console (~> 0.5)
    stringio (3.1.2)

PLATFORMS
  ruby
  x86_64-linux

DEPENDENCIES
  bigdecimal
  bigdecimal-math_r!
  bundler
  irb
  minitest (~> 5.16)
  rake (~> 13.0)
  rake-compiler

BUNDLED WITH
   2.6.7
