PATH
  remote: .
  specs:
    bigdecimal-math_r (0.2.5)

GEM
  remote: https://rubygems.org/
  specs:
    bigdecimal (3.1.5)
    io-console (0.7.1)
    irb (1.13.1)
      rdoc (>= 4.0.0)
      reline (>= 0.4.2)
    minitest (5.25.1)
    psych (5.1.2)
      stringio
    rake (13.2.1)
    rake-compiler (1.2.8)
      rake
    rdoc (6.6.3.1)
      psych (>= 4.0.0)
    reline (0.5.7)
      io-console (~> 0.5)
    stringio (3.1.1)

PLATFORMS
  ruby
  x86_64-linux

DEPENDENCIES
  bigdecimal
  bigdecimal-math_r!
  bundler
  irb
  minitest (~> 5.16)
  rake (~> 13.0)
  rake-compiler

BUNDLED WITH
   2.7.2
